PATH
  remote: .
  specs:
    conventional_extensions (0.4.0)

GEM
  remote: https://rubygems.org/
  specs:
    debug (1.6.3)
      irb (>= 1.3.6)
      reline (>= 0.3.1)
    io-console (0.5.11)
    irb (1.4.3)
      reline (>= 0.3.0)
    minitest (5.16.3)
    rake (13.0.6)
    reline (0.3.1)
      io-console (~> 0.5)

PLATFORMS
  arm64-darwin-20
  x86_64-linux

DEPENDENCIES
  conventional_extensions!
  debug (~> 1.6)
  minitest (~> 5.0)
  rake (~> 13.0)

BUNDLED WITH
   2.3.21
